GEM
  remote: https://rubygems.org/
  specs:
    nbtfile (0.2.0)

PLATFORMS
  ruby

DEPENDENCIES
  nbtfile
